GEM
  remote: https://rubygems.org/
  specs:
    thread_safe (0.3.6)
    tzinfo (1.2.5)
      thread_safe (~> 0.1)
    tzinfo-data (1.2019.3)
      tzinfo (>= 1.0.0)

PLATFORMS
  x64-mingw32

DEPENDENCIES
  tzinfo (~> 1.2)
  tzinfo-data

BUNDLED WITH
   2.0.2
